GEM
  remote: https://rubygems.org/
  specs:
    mail (2.7.1)
      mini_mime (>= 0.1.1)
    mini_mime (1.0.1)
    ruby-oembed (0.12.0)

PLATFORMS
  ruby

DEPENDENCIES
  mail
  ruby-oembed

BUNDLED WITH
   1.16.1
